GEM
  remote: http://rubygems.org/
  specs:
    activerecord (2.3.9)
      activesupport (= 2.3.9)
    activesupport (2.3.9)
    leftright (0.9.0)
    shoulda (2.11.3)
    sqlite3-ruby (1.3.1)
    test-rig (0.0.1)

PLATFORMS
  ruby

DEPENDENCIES
  activerecord (< 3)
  leftright
  shoulda
  sqlite3-ruby
  test-rig (= 0.0.1)
