GEM
  remote: http://rubygems.org/
  specs:
    activemodel (3.2.22.1)
      activesupport (= 3.2.22.1)
      builder (~> 3.0.0)
    activerecord (3.2.22.1)
      activemodel (= 3.2.22.1)
      activesupport (= 3.2.22.1)
      arel (~> 3.0.2)
      tzinfo (~> 0.3.29)
    activesupport (3.2.22.1)
      i18n (~> 0.6, >= 0.6.4)
      multi_json (~> 1.0)
    arel (3.0.3)
    builder (3.0.4)
    concurrent-ruby (1.1.7)
    i18n (0.9.5)
      concurrent-ruby (~> 1.0)
    leftright (0.9.0)
    multi_json (1.15.0)
    shoulda (2.11.3)
    sqlite3-ruby (1.3.1)
    test-rig (0.0.1)
    tzinfo (0.3.57)

PLATFORMS
  ruby

DEPENDENCIES
  activerecord (< 4)
  leftright
  shoulda
  sqlite3-ruby
  test-rig (= 0.0.1)
